GEM
  remote: https://rubygems.org/
  specs:
    fileutils (1.7.3)
    find (0.2.0)
    json (2.13.2)
    nokogiri (1.18.9-x86_64-darwin)
      racc (~> 1.4)
    optparse (0.6.0)
    pathname (0.4.0)
    racc (1.8.1)

PLATFORMS
  x86_64-darwin-24

DEPENDENCIES
  fileutils
  find
  json
  nokogiri
  optparse
  pathname

BUNDLED WITH
   2.4.10
