GEM
  remote: https://rubygems.org/
  specs:
    fileutils (1.7.3)
    find (0.2.0)
    json (2.13.2)
    optparse (0.6.0)
    pathname (0.4.0)

PLATFORMS
  x86_64-darwin-24

DEPENDENCIES
  fileutils
  find
  json
  optparse
  pathname

BUNDLED WITH
   2.4.10
